GEM
  remote: https://rubygems.org/
  specs:
    icalendar (2.1.0)

PLATFORMS
  ruby

DEPENDENCIES
  icalendar
